GEM
  remote: https://rubygems.org/
  specs:
    clap (1.0.0)
    coderay (1.1.0)
    cutest (1.2.2)
      clap
    method_source (0.8.2)
    mime-types (2.4.3)
    netrc (0.10.3)
    pry (0.10.1)
      coderay (~> 1.1.0)
      method_source (~> 0.8.1)
      slop (~> 3.4)
    rack (1.6.0)
    rack-protection (1.5.3)
      rack
    rack-test (0.6.3)
      rack (>= 1.0)
    rest-client (1.7.3)
      mime-types (>= 1.16, < 3.0)
      netrc (~> 0.7)
    shotgun (0.9)
      rack (>= 1.0)
    sinatra (1.4.5)
      rack (~> 1.4)
      rack-protection (~> 1.4)
      tilt (~> 1.3, >= 1.3.4)
    slop (3.6.0)
    tilt (1.4.1)

PLATFORMS
  ruby

DEPENDENCIES
  cutest (~> 1.2)
  pry
  rack-test (~> 0.6)
  rest-client (~> 1.7)
  shotgun
  sinatra
